GEM
  remote: https://rubygems.org/
  specs:
    addressable (2.7.0)
      public_suffix (>= 2.0.2, < 5.0)
    box (0.1.1)
    colorator (1.1.0)
    concurrent-ruby (1.1.5)
    crass (1.0.5)
    curb (0.9.10)
    em-websocket (0.5.1)
      eventmachine (>= 0.12.9)
      http_parser.rb (~> 0.6.0)
    eventmachine (1.2.7)
    feedjira (1.6.0)
      curb (~> 0.8)
      loofah (~> 2.0)
      sax-machine (~> 1.0)
    ffi (1.11.3)
    forwardable-extended (2.6.0)
    gli (2.19.0)
    http_parser.rb (0.6.0)
    i18n (0.9.5)
      concurrent-ruby (~> 1.0)
    jekyll (3.8.6)
      addressable (~> 2.4)
      colorator (~> 1.0)
      em-websocket (~> 0.5)
      i18n (~> 0.7)
      jekyll-sass-converter (~> 1.0)
      jekyll-watch (~> 2.0)
      kramdown (~> 1.14)
      liquid (~> 4.0)
      mercenary (~> 0.3.3)
      pathutil (~> 0.9)
      rouge (>= 1.7, < 4)
      safe_yaml (~> 1.0)
    jekyll-paginate (1.1.0)
    jekyll-sass-converter (1.5.2)
      sass (~> 3.4)
    jekyll-watch (2.2.1)
      listen (~> 3.0)
    kramdown (1.17.0)
    liquid (4.0.3)
    listen (3.2.1)
      rb-fsevent (~> 0.10, >= 0.10.3)
      rb-inotify (~> 0.9, >= 0.9.10)
    loofah (2.4.0)
      crass (~> 1.0.2)
      nokogiri (>= 1.5.9)
    mercenary (0.3.6)
    mini_portile2 (2.4.0)
    multi_json (1.14.1)
    mustache (0.99.8)
    nokogiri (1.10.10)
      mini_portile2 (~> 2.4.0)
    nokogumbo (1.2.0)
      nokogiri
    pathutil (0.16.2)
      forwardable-extended (~> 2.6)
    planet (0.5.5)
      box (~> 0.1, >= 0.1.1)
      feedjira (~> 1.3, >= 1.3.1)
      gli (~> 2.12, >= 2.12.0)
      mustache (~> 0.99, >= 0.99.6)
      sanitize (~> 3.0, >= 3.0.0)
      stringex (~> 2.5, >= 2.5.2)
    public_suffix (4.0.3)
    pygments.rb (1.2.1)
      multi_json (>= 1.0.0)
    rb-fsevent (0.10.3)
    rb-inotify (0.10.1)
      ffi (~> 1.0)
    rdiscount (2.2.0.1)
    rouge (3.14.0)
    safe_yaml (1.0.5)
    sanitize (3.1.2)
      crass (~> 1.0.1)
      nokogiri (>= 1.4.4)
      nokogumbo (= 1.2.0)
    sass (3.7.4)
      sass-listen (~> 4.0.0)
    sass-listen (4.0.0)
      rb-fsevent (~> 0.9, >= 0.9.4)
      rb-inotify (~> 0.9, >= 0.9.7)
    sax-machine (1.3.2)
    stringex (2.8.5)

PLATFORMS
  ruby

DEPENDENCIES
  jekyll
  jekyll-paginate
  planet
  pygments.rb
  rdiscount

RUBY VERSION
   ruby 2.3.8p459

BUNDLED WITH
   2.0.2
